PATH
  remote: .
  specs:
    callable_operation (0.1.0)

GEM
  remote: https://rubygems.org/
  specs:
    minitest (5.15.0)
    rake (13.0.6)

PLATFORMS
  arm64-darwin-21

DEPENDENCIES
  callable_operation!
  minitest (~> 5.0)
  rake (~> 13.0)

BUNDLED WITH
   2.3.7
